REDIRECTS: ON
RESTRICTION: == net461
NUGET
  remote: https://www.nuget.org/api/v2
    Argu (5.2)
      FSharp.Core (>= 4.0.0.1)
    FSharp.Compiler.Service (2.0.0.6)
    FSharp.Configuration (1.4)
      FSharp.Core (>= 4.0.0.1)
    FSharp.Core (4.5)
    FSharp.Data (2.4.6)
    FSharp.Data.TypeProviders (5.0.0.5)
      FSharp.Core (>= 3.1.2.5)
    FSharp.Formatting (2.14.4)
      FSharp.Compiler.Service (2.0.0.6)
      FSharpVSPowerTools.Core (>= 2.3 < 2.4)
    FSharpVSPowerTools.Core (2.3)
      FSharp.Compiler.Service (>= 2.0.0.3)
    FSharpx.Collections (1.17)
      FSharp.Core
    Microsoft.AspNet.WebApi.Client (5.2.6)
      Newtonsoft.Json (>= 6.0.4)
    Microsoft.Bcl (1.1.10)
      Microsoft.Bcl.Build (>= 1.0.14)
    Microsoft.Bcl.Build (1.0.21) - import_targets: false
    Microsoft.FSharpLu.Json (0.10.27)
      FSharp.Core (>= 4.3.4)
      Newtonsoft.Json (>= 10.0.3)
      System.ValueTuple (>= 4.3.1)
    Microsoft.Net.Http (2.2.29)
      Microsoft.Bcl (>= 1.1.10)
      Microsoft.Bcl.Build (>= 1.0.14)
    Newtonsoft.Json (11.0.2)
    Suave (2.4.1)
      FSharp.Core (>= 4.0 < 5.0)
    Suave.Swagger (2.3)
      FSharp.Core (>= 4.0.0.1)
      Newtonsoft.Json (>= 9.0.1)
      Suave (>= 2.0.2)
    System.ValueTuple (4.5)
